GEM
  remote: https://rubygems.org/
  specs:
    addressable (2.8.1)
      public_suffix (>= 2.0.2, < 6.0)
    arr-pm (0.0.12)
    aws-eventstream (1.4.0)
    aws-partitions (1.1143.0)
    aws-sdk-core (3.229.0)
      aws-eventstream (~> 1, >= 1.3.0)
      aws-partitions (~> 1, >= 1.992.0)
      aws-sigv4 (~> 1.9)
      base64
      bigdecimal
      jmespath (~> 1, >= 1.6.1)
      logger
    aws-sdk-kms (1.110.0)
      aws-sdk-core (~> 3, >= 3.228.0)
      aws-sigv4 (~> 1.5)
    aws-sdk-s3 (1.196.1)
      aws-sdk-core (~> 3, >= 3.228.0)
      aws-sdk-kms (~> 1)
      aws-sigv4 (~> 1.5)
    aws-sigv4 (1.12.1)
      aws-eventstream (~> 1, >= 1.0.2)
    backports (3.23.0)
    base64 (0.3.0)
    bigdecimal (3.2.2)
    cabin (0.9.0)
    clamp (1.0.1)
    deb-s3 (24.6.0)
      aws-sdk-s3 (~> 1)
      thor (~> 1)
    dotenv (2.8.1)
    fpm (1.14.2)
      arr-pm (~> 0.0.11)
      backports (>= 2.6.2)
      cabin (>= 0.6.0)
      clamp (~> 1.0.0)
      git (>= 1.3.0, < 2.0)
      json (>= 1.7.7, < 3.0)
      pleaserun (~> 0.0.29)
      rexml
      stud
    git (1.13.2)
      addressable (~> 2.8)
      rchardet (~> 1.8)
    insist (1.0.0)
    jmespath (1.6.1)
    json (2.6.2)
    logger (1.7.0)
    mustache (0.99.8)
    pleaserun (0.0.32)
      cabin (> 0)
      clamp
      dotenv
      insist
      mustache (= 0.99.8)
      stud
    public_suffix (5.0.1)
    rchardet (1.8.0)
    rexml (3.3.9)
    stud (0.0.23)
    thor (1.4.0)

PLATFORMS
  ruby

DEPENDENCIES
  deb-s3
  fpm

BUNDLED WITH
   2.3.14
